GIT
  remote: git://github.com/airblade/paper_trail.git
  revision: a7e11f6fe9bec669436752c0def091c842d46a9e
  branch: master
  specs:
    paper_trail (3.0.0.beta2)
      activerecord (>= 3.0, < 5.0)

GIT
  remote: git://github.com/collectiveidea/awesome_nested_set.git
  revision: dbe4555222758f39a60ba15afd81f23d769146b3
  branch: master
  specs:
    awesome_nested_set (3.0.0.rc.3)
      activerecord (>= 4.0.0, < 5)

GIT
  remote: git://github.com/globalize/globalize.git
  revision: 7b950ce6467b0e006102473be9de350779232665
  branch: master
  specs:
    globalize (4.0.0)
      activemodel (>= 4.0.0, < 5)
      activerecord (>= 4.0.0, < 5)

GIT
  remote: git://github.com/keram-refinery/refinerycms-clientside.git
  revision: b47e5ff4187988eda29a684fbca767fd98e14d91
  branch: master
  specs:
    refinerycms-clientside (0.0.1)

GIT
  remote: git://github.com/keram-refinery/refinerycms-epiceditor.git
  revision: afe36ee7ad3873e56c1765f929401e107459a71c
  branch: master
  specs:
    refinerycms-epiceditor (0.0.1)
      redcarpet (~> 3.0.0)
      refinerycms-core (~> 2.718.0.dev)

GIT
  remote: git://github.com/keram-refinery/refinerycms-i18n.git
  revision: 8bd539eb10f54820c887ef0e9616ff4e320c48f5
  branch: refinery_light
  specs:
    refinerycms-i18n (2.718.0.dev)
      i18n-iso639matrix (~> 0.0.1)
      rails-i18n (~> 4.0.1)
      routing-filter (~> 0.4.0.pre)

GIT
  remote: git://github.com/keram-refinery/refinerycms-settings.git
  revision: be529548696fe0e6622b882f3321f716b6936186
  branch: refinery_light
  specs:
    refinerycms-settings (2.718.0.dev)
      refinerycms-core (~> 2.718.0.dev)

GIT
  remote: git://github.com/keram-refinery/refinerycms.git
  revision: 44ed987d785cdf58c032ab6c5dff891079e138ee
  branch: refinery_light
  specs:
    refinerycms (2.718.0.dev)
      bundler (>= 1.2.2, < 2.0)
      refinerycms-authentication (= 2.718.0.dev)
      refinerycms-core (= 2.718.0.dev)
      refinerycms-dashboard (= 2.718.0.dev)
      refinerycms-images (= 2.718.0.dev)
      refinerycms-pages (= 2.718.0.dev)
      refinerycms-resources (= 2.718.0.dev)
    refinerycms-authentication (2.718.0.dev)
      actionmailer (>= 4.0.2, < 4.2)
      devise (~> 3.2.2)
      refinerycms-core (= 2.718.0.dev)
    refinerycms-core (2.718.0.dev)
      actionpack (>= 4.0.2, < 4.2)
      activerecord (>= 4.0.2, < 4.2)
      awesome_nested_set (~> 3.0.0.rc.2)
      decorators (~> 1.0.3)
      i18n-iso639matrix (~> 0.0.1)
      jquery-rails (~> 3.1.0)
      railties (>= 4.0.2, < 4.2)
      refinerycms-i18n (~> 2.718.0.dev)
      sass-rails (~> 4.0.1)
      truncate_html (~> 0.9)
      will_paginate (~> 3.0.5)
    refinerycms-dashboard (2.718.0.dev)
      refinerycms-core (= 2.718.0.dev)
    refinerycms-images (2.718.0.dev)
      dragonfly (~> 1.0.2)
      refinerycms-core (= 2.718.0.dev)
    refinerycms-pages (2.718.0.dev)
      awesome_nested_set (~> 3.0.0.rc.3)
      babosa (~> 0.3.11)
      friendly_id (~> 5.0.2)
      globalize (~> 4.0.0)
      refinerycms-core (= 2.718.0.dev)
      seo_meta (~> 2.0.0.rc.1)
    refinerycms-resources (2.718.0.dev)
      dragonfly (~> 1.0.2)
      refinerycms-core (= 2.718.0.dev)

GIT
  remote: git://github.com/keram/i18n-iso639matrix.git
  revision: b2b716b72ca7ba310039077b45b32b44382aa0c0
  branch: master
  specs:
    i18n-iso639matrix (0.0.1)
      i18n

GIT
  remote: git://github.com/keram/refinerycms-admin-search.git
  revision: 9c3e2fb7daf6e3df3c600cb7a2ef737200365dbb
  branch: master
  specs:
    refinerycms-admin-search (1.0.0)
      decorators (~> 1.0.3)
      refinerycms-core (~> 2.718.0.dev)

GIT
  remote: git://github.com/keram/refinerycms-blog2.git
  revision: c3378ffed02d2dc661243f0c323ac42fb52b7f26
  branch: master
  specs:
    refinerycms-blog2 (1.0.0)
      acts-as-taggable-on (~> 3.0.1)
      refinerycms-core (~> 2.718.0.dev)
      refinerycms-imageable (~> 0.0.1)

GIT
  remote: git://github.com/keram/refinerycms-disqus.git
  revision: e8640fcd0985314dde72e2067196c33d341f7289
  branch: master
  specs:
    refinerycms-disqus (0.0.1)
      refinerycms-core (~> 2.718.0.dev)

GIT
  remote: git://github.com/keram/refinerycms-imageable.git
  revision: 8bdb01dd88ab3c7e1159d359bee9838a92a827f6
  branch: master
  specs:
    refinerycms-imageable (0.0.1)

GIT
  remote: git://github.com/keram/refinerycms-links.git
  revision: d12977e4593f227d3eed2595ea18c5fe985afb12
  branch: master
  specs:
    refinerycms-links (0.0.1)
      refinerycms-core (~> 2.718.0.dev)

GIT
  remote: git://github.com/keram/refinerycms-share_this.git
  revision: cf3cfb03af048890471383201f44c6e62ada020a
  branch: master
  specs:
    refinerycms-share_this (0.0.1)
      refinerycms-core (~> 2.718.0.dev)

GIT
  remote: git://github.com/keram/refinerycms-snippets.git
  revision: 8eb4d32e1089c41b84faa79b3633a1decc88e54b
  branch: refinery_light
  specs:
    refinerycms-snippets (3.0.0.beta)
      decorators (~> 1.0.3)
      refinerycms-core (~> 2.718.0.dev)

GIT
  remote: git://github.com/norman/friendly_id-globalize.git
  revision: d0c4cf94e97311db7acb9858515adf501d160306
  branch: master
  specs:
    friendly_id-globalize (1.0.0.alpha1)
      friendly_id (>= 5.0.0.beta4, < 6.0)

GIT
  remote: git://github.com/norman/friendly_id.git
  revision: 11d530a412b70271f168d6f3188330c5b3070fcc
  branch: master
  specs:
    friendly_id (5.0.2)
      activerecord (>= 4.0.0)

GIT
  remote: git://github.com/parndt/seo_meta.git
  revision: c575efda84bb775694c32b13f9b446265c6b1e33
  branch: master
  specs:
    seo_meta (2.0.0.rc.1)
      railties (>= 3.0.0)

GIT
  remote: git://github.com/rails/rails.git
  revision: 8c7e8b4f18a18ee616e5351f8fa3581cdee79e23
  branch: master
  specs:
    actionmailer (4.1.0.beta1)
      actionpack (= 4.1.0.beta1)
      actionview (= 4.1.0.beta1)
      mail (~> 2.5.4)
    actionpack (4.1.0.beta1)
      actionview (= 4.1.0.beta1)
      activesupport (= 4.1.0.beta1)
      rack (~> 1.5.2)
      rack-test (~> 0.6.2)
    actionview (4.1.0.beta1)
      activesupport (= 4.1.0.beta1)
      builder (~> 3.1)
      erubis (~> 2.7.0)
    activemodel (4.1.0.beta1)
      activesupport (= 4.1.0.beta1)
      builder (~> 3.1)
    activerecord (4.1.0.beta1)
      activemodel (= 4.1.0.beta1)
      activesupport (= 4.1.0.beta1)
      arel (~> 5.0.0)
    activesupport (4.1.0.beta1)
      i18n (~> 0.6, >= 0.6.9)
      json (~> 1.7, >= 1.7.7)
      minitest (~> 5.1)
      thread_safe (~> 0.1)
      tzinfo (~> 1.1)
    rails (4.1.0.beta1)
      actionmailer (= 4.1.0.beta1)
      actionpack (= 4.1.0.beta1)
      actionview (= 4.1.0.beta1)
      activemodel (= 4.1.0.beta1)
      activerecord (= 4.1.0.beta1)
      activesupport (= 4.1.0.beta1)
      bundler (>= 1.3.0, < 2.0)
      railties (= 4.1.0.beta1)
      sprockets-rails (~> 2.0.0)
    railties (4.1.0.beta1)
      actionpack (= 4.1.0.beta1)
      activesupport (= 4.1.0.beta1)
      rake (>= 0.8.7)
      thor (>= 0.18.1, < 2.0)

GIT
  remote: git://github.com/svenfuchs/routing-filter.git
  revision: d6378d0dedf10106501974216f36908182211cc1
  branch: master
  specs:
    routing-filter (0.4.0.pre)
      actionpack

GEM
  remote: https://rubygems.org/
  specs:
    acts-as-taggable-on (3.0.1)
      rails (>= 3, < 5)
    acts_as_opengraph (0.0.5)
    arel (5.0.0)
    atomic (1.1.14)
    babosa (0.3.11)
    bcrypt-ruby (3.1.2)
    builder (3.2.2)
    capistrano (3.1.0)
      i18n
      rake (>= 10.0.0)
      sshkit (~> 1.3)
    capistrano-bundler (1.1.2)
      capistrano (~> 3.0)
      sshkit (~> 1.2)
    capistrano-rails (1.1.1)
      capistrano (~> 3.1)
      capistrano-bundler (~> 1.1)
    coderay (1.1.0)
    coffee-rails (4.0.1)
      coffee-script (>= 2.2.0)
      railties (>= 4.0.0, < 5.0)
    coffee-script (2.2.0)
      coffee-script-source
      execjs
    coffee-script-source (1.7.0)
    decorators (1.0.3)
      railties (>= 3.0.19, != 3.2.9, != 3.2.8, != 3.2.7, != 3.2.6, != 3.2.5, != 3.2.4, != 3.2.3, != 3.2.2, != 3.2.10, != 3.2.1, != 3.2.0, != 3.1.9, != 3.1.8, != 3.1.7, != 3.1.6, != 3.1.5, != 3.1.4, != 3.1.3, != 3.1.2, != 3.1.1, != 3.1.0)
    devise (3.2.2)
      bcrypt-ruby (~> 3.0)
      orm_adapter (~> 0.1)
      railties (>= 3.2.6, < 5)
      thread_safe (~> 0.1)
      warden (~> 1.2.3)
    dragonfly (1.0.3)
      multi_json (~> 1.0)
      rack
    erubis (2.7.0)
    execjs (2.0.2)
    factory_girl (4.4.0)
      activesupport (>= 3.0.0)
    factory_girl_rails (4.4.0)
      factory_girl (~> 4.4.0)
      railties (>= 3.0.0)
    hike (1.2.3)
    i18n (0.6.9)
    jbuilder (2.0.2)
      activesupport (>= 3.0.0)
      multi_json (>= 1.2.0)
    jquery-rails (3.1.0)
      railties (>= 3.0, < 5.0)
      thor (>= 0.14, < 2.0)
    json (1.8.1)
    libv8 (3.16.14.3)
    mail (2.5.4)
      mime-types (~> 1.16)
      treetop (~> 1.4.8)
    method_source (0.8.2)
    mime-types (1.25.1)
    minitest (5.2.3)
    multi_json (1.8.4)
    mysql2 (0.3.15)
    net-scp (1.1.2)
      net-ssh (>= 2.6.5)
    net-ssh (2.8.0)
    orm_adapter (0.5.0)
    pg (0.17.1)
    polyglot (0.3.3)
    pry (0.9.12.6)
      coderay (~> 1.0)
      method_source (~> 0.8)
      slop (~> 3.4)
    pry-rails (0.3.2)
      pry (>= 0.9.10)
    quiet_assets (1.0.2)
      railties (>= 3.1, < 5.0)
    rack (1.5.2)
    rack-rewrite (1.5.0)
    rack-test (0.6.2)
      rack (>= 1.0)
    rails-i18n (4.0.1)
      i18n (~> 0.6)
      rails (~> 4.0)
    rake (10.1.1)
    rdoc (4.1.1)
      json (~> 1.4)
    redcarpet (3.0.0)
    ref (1.0.5)
    sass (3.2.14)
    sass-rails (4.0.1)
      railties (>= 4.0.0, < 5.0)
      sass (>= 3.1.10)
      sprockets-rails (~> 2.0.0)
    sdoc (0.4.0)
      json (~> 1.8)
      rdoc (~> 4.0, < 5.0)
    slop (3.4.7)
    spring (1.1.1)
    sprockets (2.10.1)
      hike (~> 1.2)
      multi_json (~> 1.0)
      rack (~> 1.0)
      tilt (~> 1.1, != 1.3.0)
    sprockets-rails (2.0.1)
      actionpack (>= 3.0)
      activesupport (>= 3.0)
      sprockets (~> 2.8)
    sqlite3 (1.3.8)
    sshkit (1.3.0)
      net-scp (>= 1.1.2)
      net-ssh
      term-ansicolor
    term-ansicolor (1.3.0)
      tins (~> 1.0)
    therubyracer (0.12.1)
      libv8 (~> 3.16.14.0)
      ref
    thor (0.18.1)
    thread_safe (0.1.3)
      atomic
    tilt (1.4.1)
    tins (1.0.0)
    treetop (1.4.15)
      polyglot
      polyglot (>= 0.3.1)
    truncate_html (0.9.2)
    turbolinks (2.2.1)
      coffee-rails
    tzinfo (1.1.0)
      thread_safe (~> 0.1)
    uglifier (2.4.0)
      execjs (>= 0.3.0)
      json (>= 1.8.0)
    warden (1.2.3)
      rack (>= 1.0)
    will_paginate (3.0.5)

PLATFORMS
  ruby

DEPENDENCIES
  acts_as_opengraph
  awesome_nested_set!
  capistrano-rails
  coffee-rails (~> 4.0.0)
  factory_girl_rails
  friendly_id!
  friendly_id-globalize!
  globalize!
  i18n-iso639matrix (~> 0.0.1)!
  jbuilder (~> 2.0.2)
  jquery-rails
  mysql2
  paper_trail!
  pg
  pry-rails
  quiet_assets
  rack-rewrite
  rails (~> 4.1.0.beta1)!
  refinerycms (~> 2.718.0.dev)!
  refinerycms-admin-search (~> 1.0.0)!
  refinerycms-blog2 (~> 1.0.0)!
  refinerycms-clientside (~> 0.0.1)!
  refinerycms-disqus (~> 0.0.1)!
  refinerycms-epiceditor!
  refinerycms-i18n (~> 2.718.0.dev)!
  refinerycms-imageable!
  refinerycms-links (~> 0.0.1)!
  refinerycms-settings (~> 2.718.0.dev)!
  refinerycms-share_this (~> 0.0.1)!
  refinerycms-snippets!
  routing-filter!
  sass-rails (~> 4.0.1)
  sdoc
  seo_meta!
  spring
  sqlite3
  therubyracer
  turbolinks
  uglifier (>= 1.3.0)
